GEM
  remote: http://rubygems.org/
  specs:
    adsf (1.1.1)
      rack (>= 1.0.0)
    chunky_png (1.2.8)
    colored (1.2)
    compass (0.12.2)
      chunky_png (~> 1.2)
      fssm (>= 0.2.7)
      sass (~> 3.1)
    cri (2.3.0)
      colored (>= 1.2)
    fssm (0.2.10)
    kramdown (1.0.2)
    modular-scale (1.0.6)
      compass (>= 0.12.1)
      sass (>= 3.2.0)
      sassy-math (>= 1.5)
    nanoc (3.6.4)
      cri (~> 2.3)
    rack (1.5.2)
    rake (10.1.0)
    sass (3.2.9)
    sassy-math (1.5)
      compass (~> 0.11)
    zurb-foundation (3.2.5)
      compass (>= 0.12.2)
      modular-scale (= 1.0.6)
      rake
      sass (>= 3.2.0)

PLATFORMS
  ruby

DEPENDENCIES
  adsf
  compass
  kramdown
  nanoc
  zurb-foundation (~> 3.2.5)
